GIT
  remote: git://github.com/instedd/alto_guisso.git
  revision: 9f1cf1b1d436969a63dd30a213e9308a706d28d6
  branch: master
  specs:
    alto_guisso (0.0.2)
      rack-oauth2

GIT
  remote: git://github.com/instedd/alto_guisso_rails.git
  revision: 7744de77433a5713bb1fa852e62faecda4a36188
  branch: master
  specs:
    alto_guisso_rails (0.0.1)
      alto_guisso
      omniauth
      omniauth-openid
      rack-oauth2
      rails (>= 3.0)
      ruby-openid

GIT
  remote: https://bitbucket.org/instedd/pigeon.git
  revision: 50f5268e3690071937cdcce581a29922ef723bf7
  branch: master
  specs:
    instedd-pigeon (0.3.1)
      json
      rails (~> 3.2)
      rest-client
      twilio-ruby
      twitter_oauth

GIT
  remote: https://github.com/instedd/poirot_rails.git
  revision: c3e8ceeacd07a226b941a8cabb2dd762fa73846f
  branch: master
  specs:
    poirot_rails (0.0.4)
      bertrpc
      guid
      json
      rails (>= 3.2)

GIT
  remote: https://github.com/instedd/ruby-smpp.git
  revision: ef520f69ec11b0bded9f887e5d15b0557dc9628a
  branch: array_pack
  specs:
    ruby-smpp (0.6.0)
      eventmachine (>= 0.10.0)

GIT
  remote: https://github.com/instedd/telemetry_rails
  revision: db0ef5c0e72b8a944befb7b9b88beedb876b296c
  branch: master
  specs:
    instedd_telemetry (0.0.1)
      global_phone
      global_phone_dbgen
      rails

GEM
  remote: https://rubygems.org/
  specs:
    actionmailer (4.0.13)
      actionpack (= 4.0.13)
      mail (~> 2.5, >= 2.5.4)
    actionpack (4.0.13)
      activesupport (= 4.0.13)
      builder (~> 3.1.0)
      erubis (~> 2.7.0)
      rack (~> 1.5.2)
      rack-test (~> 0.6.2)
    activemodel (4.0.13)
      activesupport (= 4.0.13)
      builder (~> 3.1.0)
    activerecord (4.0.13)
      activemodel (= 4.0.13)
      activerecord-deprecated_finders (~> 1.0.2)
      activesupport (= 4.0.13)
      arel (~> 4.0.0)
    activerecord-deprecated_finders (1.0.4)
    activesupport (4.0.13)
      i18n (~> 0.6, >= 0.6.9)
      minitest (~> 4.2)
      multi_json (~> 1.3)
      thread_safe (~> 0.1)
      tzinfo (~> 0.3.37)
    addressable (2.4.0)
    amq-protocol (1.9.2)
    arel (4.0.2)
    attr_required (1.0.0)
<<<<<<< HEAD
    bcrypt-ruby (3.0.1)
    bert (1.1.6)
    bertrpc (1.3.1)
      bert (>= 1.1.0, < 2.0.0)
=======
    bcrypt (3.1.10)
>>>>>>> Migrated to Rails 4.0 and devise 3.5
    blather (0.8.5)
      activesupport (>= 2.3.11)
      eventmachine (>= 1.0.0)
      girl_friday
      niceogiri (~> 1.0)
      nokogiri (~> 1.5, >= 1.5.6)
    builder (3.1.4)
    bunny (1.6.3)
      amq-protocol (>= 1.9.2)
    capistrano (2.15.5)
      highline
      net-scp (>= 1.0.0)
      net-sftp (>= 2.0.0)
      net-ssh (>= 2.0.14)
      net-ssh-gateway (>= 1.1.0)
    ci_reporter (1.6.5)
      builder (>= 2.1.2)
    coderay (1.1.0)
    coffee-rails (4.0.1)
      coffee-script (>= 2.2.0)
      railties (>= 4.0.0, < 5.0)
    coffee-script (2.4.1)
      coffee-script-source
      execjs
    coffee-script-source (1.10.0)
    columnize (0.3.6)
    connection_pool (1.1.0)
    daemon_controller (0.2.5)
    daemons (1.1.0)
    dalli (2.7.5)
    debugger (1.6.5)
      columnize (>= 0.3.1)
      debugger-linecache (~> 1.2.0)
      debugger-ruby_core_source (~> 1.3.1)
    debugger-linecache (1.2.0)
    debugger-ruby_core_source (1.3.8)
    decent_exposure (1.0.1)
    devise (3.5.3)
      bcrypt (~> 3.0)
      orm_adapter (~> 0.1)
      railties (>= 3.2.6, < 5)
      responders
      thread_safe (~> 0.1)
      warden (~> 1.2.3)
    domain_name (0.5.25)
      unf (>= 0.0.5, < 1.0.0)
    dynamic_form (1.1.4)
    em-msn (0.7)
      eventmachine
      guid
      nokogiri
      rest-client
    erubis (2.7.0)
    eventmachine (1.0.3)
    execjs (2.6.0)
    faraday (0.9.2)
      multipart-post (>= 1.2, < 3)
    ffaker (1.8.0)
    foreman (0.78.0)
      thor (~> 0.19.1)
    girl_friday (0.11.2)
      connection_pool (~> 1.0)
      rubinius-actor
    global_phone (1.0.1)
    global_phone_dbgen (1.0.0)
      nokogiri (~> 1.5)
    guid (0.1.1)
    hashie (3.4.3)
    highline (1.6.21)
    hike (1.2.3)
    http-cookie (1.0.2)
      domain_name (~> 0.5)
    httparty (0.13.7)
      json (~> 1.8)
      multi_xml (>= 0.5.2)
    httpclient (2.6.0.1)
    i18n (0.7.0)
    jbuilder (1.5.3)
      activesupport (>= 3.0.0)
      multi_json (>= 1.2.0)
    jquery-migrate-rails (1.2.1)
    jquery-rails (3.1.4)
      railties (>= 3.0, < 5.0)
      thor (>= 0.14, < 2.0)
    jquery-ui-rails (5.0.5)
      railties (>= 3.2.16)
    json (1.8.3)
    jwt (1.5.2)
    knockoutjs-rails (3.4.0)
      railties (>= 3.1, < 5)
    licit (0.2.1)
    lodash-rails (3.10.1)
      railties (>= 3.1)
    machinist (1.0.6)
    mail (2.6.3)
      mime-types (>= 1.16, < 3)
    metaclass (0.0.4)
    method_source (0.8.2)
    mime-types (2.99)
    mini_portile2 (2.0.0)
    minitest (4.7.5)
    mocha (1.0.0)
      metaclass (~> 0.0.1)
    multi_json (1.11.2)
    multi_xml (0.5.5)
<<<<<<< HEAD
    multipart-post (1.1.5)
    mysql2 (0.3.20)
=======
    multipart-post (2.0.0)
    mysql2 (0.3.11)
>>>>>>> Updated omniauth and uglifier
    net-scp (1.2.1)
      net-ssh (>= 2.6.5)
    net-sftp (2.1.2)
      net-ssh (>= 2.6.5)
    net-ssh (2.9.2)
    net-ssh-gateway (1.2.0)
      net-ssh (>= 2.6.5)
    netrc (0.11.0)
    newrelic_rpm (3.9.3.241)
    niceogiri (1.1.2)
      nokogiri (~> 1.5)
    nokogiri (1.6.7.1)
      mini_portile2 (~> 2.0.0.rc2)
    oauth (0.4.7)
    oauth2 (1.0.0)
      faraday (>= 0.8, < 0.10)
      jwt (~> 1.0)
      multi_json (~> 1.3)
      multi_xml (~> 0.5)
      rack (~> 1.2)
    omniauth (1.3.1)
      hashie (>= 1.2, < 4)
      rack (>= 1.0, < 3)
    omniauth-google-oauth2 (0.2.10)
      addressable (~> 2.3)
      jwt (~> 1.0)
      multi_json (~> 1.3)
      omniauth (>= 1.1.1)
      omniauth-oauth2 (~> 1.3.1)
    omniauth-oauth2 (1.3.1)
      oauth2 (~> 1.0)
      omniauth (~> 1.2)
    omniauth-openid (1.0.1)
      omniauth (~> 1.0)
      rack-openid (~> 1.3.1)
<<<<<<< HEAD
    orm_adapter (0.0.7)
    polyglot (0.3.5)
    power_assert (0.3.1)
=======
    orm_adapter (0.5.0)
    protected_attributes (1.1.3)
      activemodel (>= 4.0.1, < 5.0)
>>>>>>> Migrated to Rails 4.0 and devise 3.5
    pry (0.9.12.4)
      coderay (~> 1.0)
      method_source (~> 0.8)
      slop (~> 3.4)
    pry-debugger (0.2.2)
      debugger (~> 1.3)
      pry (~> 0.9.10)
    puma (2.12.3)
    qst_client (0.5)
      httparty
    rack (1.5.5)
    rack-oauth2 (1.0.9)
      activesupport (>= 2.3)
      attr_required (>= 0.0.5)
      httpclient (>= 2.4)
      multi_json (>= 1.3.6)
      rack (>= 1.1)
    rack-openid (1.3.1)
      rack (>= 1.1.0)
      ruby-openid (>= 2.1.8)
    rack-test (0.6.3)
      rack (>= 1.0)
<<<<<<< HEAD
    rails (3.2.22)
      actionmailer (= 3.2.22)
      actionpack (= 3.2.22)
      activerecord (= 3.2.22)
      activeresource (= 3.2.22)
      activesupport (= 3.2.22)
      bundler (~> 1.0)
      railties (= 3.2.19)
    rails-dev-tweaks (1.2.0)
      actionpack (>= 3.1)
      railties (>= 3.1)
    railties (3.2.19)
      actionpack (= 3.2.19)
      activesupport (= 3.2.19)
      rack-ssl (~> 1.3.2)
=======
    rails (4.0.13)
      actionmailer (= 4.0.13)
      actionpack (= 4.0.13)
      activerecord (= 4.0.13)
      activesupport (= 4.0.13)
      bundler (>= 1.3.0, < 2.0)
      railties (= 4.0.13)
      sprockets-rails (~> 2.0)
    railties (4.0.13)
      actionpack (= 4.0.13)
      activesupport (= 4.0.13)
>>>>>>> Migrated to Rails 4.0 and devise 3.5
      rake (>= 0.8.7)
      thor (>= 0.18.1, < 2.0)
    rake (10.4.2)
    rdoc (4.2.1)
      json (~> 1.4)
    responders (1.1.2)
      railties (>= 3.2, < 4.2)
    rest-client (1.8.0)
      http-cookie (>= 1.0.2, < 2.0)
      mime-types (>= 1.16, < 3.0)
      netrc (~> 0.7)
    rgviz (0.42)
    rgviz-rails (0.48)
      rgviz
    rubinius-actor (0.0.2)
      rubinius-core-api
    rubinius-core-api (0.0.1)
    ruby-cache (0.3.0)
    ruby-openid (2.2.2)
    sass (3.2.19)
    sass-rails (4.0.5)
      railties (>= 4.0.0, < 5.0)
      sass (~> 3.2.2)
      sprockets (~> 2.8, < 3.0)
      sprockets-rails (~> 2.0)
    sdoc (0.4.1)
      json (~> 1.7, >= 1.7.7)
      rdoc (~> 4.0)
    simple_oauth (0.2.0)
    slim (1.3.6)
      temple (~> 0.5.5)
      tilt (~> 1.3.3)
    slop (3.4.7)
    sprockets (2.12.4)
      hike (~> 1.2)
      multi_json (~> 1.0)
      rack (~> 1.0)
      tilt (~> 1.1, != 1.3.0)
    sprockets-rails (2.3.3)
      actionpack (>= 3.0)
      activesupport (>= 3.0)
      sprockets (>= 2.8, < 4.0)
    temple (0.5.5)
    test-unit (3.1.9)
      power_assert
    test_after_commit (0.4.0)
      activerecord (>= 3.2)
    thor (0.19.1)
    thoughtbot-shoulda (2.11.1)
    thread_safe (0.3.5)
    tilt (1.3.7)
    timecop (0.8.0)
    turbolinks (2.5.3)
      coffee-rails
    twilio-ruby (3.3.1)
      builder (>= 2.1.2)
      jwt (>= 0.1.2)
      multi_json (>= 1.0.3)
    twitter (4.5.0)
      faraday (~> 0.8, < 0.10)
      multi_json (~> 1.0)
      simple_oauth (~> 0.2)
    twitter_oauth (0.4.4)
      json (>= 1.1.9)
      mime-types (>= 1.16)
      oauth (>= 0.4.1)
    tzinfo (0.3.46)
    uglifier (2.7.2)
      execjs (>= 0.3.0)
      json (>= 1.8.0)
    unf (0.1.4)
      unf_ext
    unf_ext (0.0.7.1)
    warden (1.2.4)
      rack (>= 1.0)
    will_paginate (3.1.0)
    xmpp4r (0.5)

PLATFORMS
  ruby

DEPENDENCIES
  alto_guisso!
  alto_guisso_rails!
  blather
  bunny (>= 1.6.2)
  capistrano (~> 2.15)
  ci_reporter
  coffee-rails (~> 4.0.0)
  daemon_controller
  daemons
  dalli
  decent_exposure
  devise (~> 3.5.3)
  dynamic_form
  em-msn (>= 0.7)
  eventmachine
  ffaker
  foreman
  guid
  instedd-pigeon!
  instedd_telemetry!
  jbuilder (~> 1.2)
  jquery-migrate-rails
  jquery-rails (>= 1.0.12)
  jquery-ui-rails
  json
  knockoutjs-rails
  licit
  lodash-rails
  machinist
  mail
  mocha
  multi_json (~> 1.3)
  mysql2 (~> 0.3.17)
  newrelic_rpm
  nokogiri (>= 1.5.5)
  omniauth
  omniauth-google-oauth2
  omniauth-openid
<<<<<<< HEAD
  poirot_rails!
=======
  protected_attributes
>>>>>>> Migrated to Rails 4.0 and devise 3.5
  pry
  pry-debugger
  puma
  qst_client
<<<<<<< HEAD
  rails (= 3.2.19)
  rails-dev-tweaks
  rake
=======
  rails (= 4.0.13)
>>>>>>> Migrated to Rails 4.0 and devise 3.5
  rest-client
  rgviz
  rgviz-rails
  ruby-cache
  ruby-smpp!
  sass-rails (~> 4.0.2)
  sdoc
  slim
<<<<<<< HEAD
  smart_asset
  test-unit (~> 3.1.8)
=======
  test-unit
>>>>>>> Migrated to Rails 4.0 and devise 3.5
  test_after_commit
  thoughtbot-shoulda
  timecop
  turbolinks
  twilio-ruby
  twitter
  twitter_oauth
  uglifier (>= 1.3.0)
  will_paginate (~> 3.0)
  xmpp4r

BUNDLED WITH
   1.12.5
