GIT
  remote: git://github.com/instedd/alto_guisso.git
  revision: 9f1cf1b1d436969a63dd30a213e9308a706d28d6
  branch: master
  specs:
    alto_guisso (0.0.2)
      rack-oauth2

GIT
  remote: git://github.com/instedd/alto_guisso_rails.git
  revision: 7744de77433a5713bb1fa852e62faecda4a36188
  branch: master
  specs:
    alto_guisso_rails (0.0.1)
      alto_guisso
      omniauth
      omniauth-openid
      rack-oauth2
      rails (>= 3.0)
      ruby-openid

GIT
  remote: https://bitbucket.org/instedd/pigeon.git
  revision: 50f5268e3690071937cdcce581a29922ef723bf7
  branch: master
  specs:
    instedd-pigeon (0.3.1)
      json
      rails (~> 3.2)
      rest-client
      twilio-ruby
      twitter_oauth

GIT
  remote: https://github.com/instedd/poirot_rails.git
  revision: c3e8ceeacd07a226b941a8cabb2dd762fa73846f
  branch: master
  specs:
    poirot_rails (0.0.4)
      bertrpc
      guid
      json
      rails (>= 3.2)

GIT
  remote: https://github.com/instedd/ruby-smpp.git
  revision: ef520f69ec11b0bded9f887e5d15b0557dc9628a
  branch: array_pack
  specs:
    ruby-smpp (0.6.0)
      eventmachine (>= 0.10.0)

GIT
  remote: https://github.com/instedd/telemetry_rails
  revision: db0ef5c0e72b8a944befb7b9b88beedb876b296c
  branch: master
  specs:
    instedd_telemetry (0.0.1)
      global_phone
      global_phone_dbgen
      rails

GEM
  remote: https://rubygems.org/
  specs:
    actionmailer (3.2.22)
      actionpack (= 3.2.22)
      mail (~> 2.5.4)
    actionpack (3.2.22)
      activemodel (= 3.2.22)
      activesupport (= 3.2.22)
      builder (~> 3.0.0)
      erubis (~> 2.7.0)
      journey (~> 1.0.4)
      rack (~> 1.4.5)
      rack-cache (~> 1.2)
      rack-test (~> 0.6.1)
      sprockets (~> 2.2.1)
    activemodel (3.2.22)
      activesupport (= 3.2.22)
      builder (~> 3.0.0)
    activerecord (3.2.22)
      activemodel (= 3.2.22)
      activesupport (= 3.2.22)
      arel (~> 3.0.2)
      tzinfo (~> 0.3.29)
    activeresource (3.2.22)
      activemodel (= 3.2.22)
      activesupport (= 3.2.22)
    activesupport (3.2.22)
      i18n (~> 0.6, >= 0.6.4)
      multi_json (~> 1.0)
    amq-protocol (1.9.2)
    arel (3.0.3)
    attr_required (1.0.0)
    bcrypt-ruby (3.0.1)
    bert (1.1.6)
    bertrpc (1.3.1)
      bert (>= 1.1.0, < 2.0.0)
    blather (0.8.5)
      activesupport (>= 2.3.11)
      eventmachine (>= 1.0.0)
      girl_friday
      niceogiri (~> 1.0)
      nokogiri (~> 1.5, >= 1.5.6)
    builder (3.0.4)
    bunny (1.6.3)
      amq-protocol (>= 1.9.2)
    capistrano (2.15.5)
      highline
      net-scp (>= 1.0.0)
      net-sftp (>= 2.0.0)
      net-ssh (>= 2.0.14)
      net-ssh-gateway (>= 1.1.0)
    ci_reporter (1.6.5)
      builder (>= 2.1.2)
    coderay (1.1.0)
    coffee-rails (3.2.2)
      coffee-script (>= 2.2.0)
      railties (~> 3.2.0)
    coffee-script (2.2.0)
      coffee-script-source
      execjs
    coffee-script-source (1.4.0)
    columnize (0.3.6)
    connection_pool (1.1.0)
    crack (0.1.6)
    daemon_controller (0.2.5)
    daemons (1.1.0)
    debugger (1.6.5)
      columnize (>= 0.3.1)
      debugger-linecache (~> 1.2.0)
      debugger-ruby_core_source (~> 1.3.1)
    debugger-linecache (1.2.0)
    debugger-ruby_core_source (1.3.8)
    decent_exposure (1.0.1)
    devise (1.5.4)
      bcrypt-ruby (~> 3.0)
      orm_adapter (~> 0.0.3)
      warden (~> 1.1)
    dynamic_form (1.1.4)
    em-msn (0.7)
      eventmachine
      guid
      nokogiri
      rest-client
    erubis (2.7.0)
    eventmachine (1.0.3)
    execjs (1.4.0)
      multi_json (~> 1.0)
    faraday (0.8.4)
      multipart-post (~> 1.1)
    ffaker (1.8.0)
    foreman (0.78.0)
      thor (~> 0.19.1)
    girl_friday (0.11.2)
      connection_pool (~> 1.0)
      rubinius-actor
    global_phone (1.0.1)
    global_phone_dbgen (1.0.0)
      nokogiri (~> 1.5)
    guid (0.1.1)
    hashie (1.2.0)
    highline (1.6.21)
    hike (1.2.3)
    httparty (0.5.2)
      crack (= 0.1.6)
    httpauth (0.2.1)
    httpclient (2.6.0.1)
    i18n (0.7.0)
    journey (1.0.4)
    jquery-rails (1.0.13)
      railties (~> 3.0)
      thor (~> 0.14)
    jquery-ui-rails (4.0.0)
      jquery-rails
      railties (>= 3.1.0)
    json (1.8.3)
    jwt (0.1.3)
      json (>= 1.2.4)
    knockoutjs-rails (2.2.0)
      railties (~> 3.1)
    licit (0.2.1)
    lodash-rails (0.10.0)
      railties (~> 3.1)
    machinist (1.0.6)
    mail (2.5.4)
      mime-types (~> 1.16)
      treetop (~> 1.4.8)
    memcache-client (1.8.5)
    metaclass (0.0.4)
    method_source (0.8.2)
    mime-types (1.25.1)
    mini_portile2 (2.0.0)
    mocha (1.0.0)
      metaclass (~> 0.0.1)
    multi_json (1.11.2)
    multipart-post (1.1.5)
    mysql2 (0.3.20)
    net-scp (1.2.1)
      net-ssh (>= 2.6.5)
    net-sftp (2.1.2)
      net-ssh (>= 2.6.5)
    net-ssh (2.9.2)
    net-ssh-gateway (1.2.0)
      net-ssh (>= 2.6.5)
    newrelic_rpm (3.9.3.241)
    niceogiri (1.1.2)
      nokogiri (~> 1.5)
    nokogiri (1.6.7.1)
      mini_portile2 (~> 2.0.0.rc2)
    oauth (0.4.7)
    oauth2 (0.6.1)
      faraday (~> 0.7)
      httpauth (~> 0.1)
      multi_json (~> 1.3)
    omniauth (1.1.1)
      hashie (~> 1.2)
      rack
    omniauth-google-oauth2 (0.2.2)
      omniauth (~> 1.0)
      omniauth-oauth2
    omniauth-oauth2 (1.0.2)
      oauth2 (~> 0.6.0)
      omniauth (~> 1.0)
    omniauth-openid (1.0.1)
      omniauth (~> 1.0)
      rack-openid (~> 1.3.1)
    orm_adapter (0.0.7)
    polyglot (0.3.5)
    power_assert (0.3.1)
    pry (0.9.12.4)
      coderay (~> 1.0)
      method_source (~> 0.8)
      slop (~> 3.4)
    pry-debugger (0.2.2)
      debugger (~> 1.3)
      pry (~> 0.9.10)
    puma (2.12.3)
    qst_client (0.5)
      httparty
    rack (1.4.7)
    rack-cache (1.5.1)
      rack (>= 0.4)
    rack-oauth2 (1.0.9)
      activesupport (>= 2.3)
      attr_required (>= 0.0.5)
      httpclient (>= 2.4)
      multi_json (>= 1.3.6)
      rack (>= 1.1)
    rack-openid (1.3.1)
      rack (>= 1.1.0)
      ruby-openid (>= 2.1.8)
    rack-ssl (1.3.4)
      rack
    rack-test (0.6.3)
      rack (>= 1.0)
    rails (3.2.22)
      actionmailer (= 3.2.22)
      actionpack (= 3.2.22)
      activerecord (= 3.2.22)
      activeresource (= 3.2.22)
      activesupport (= 3.2.22)
      bundler (~> 1.0)
      railties (= 3.2.19)
    rails-dev-tweaks (1.2.0)
      actionpack (>= 3.1)
      railties (>= 3.1)
    railties (3.2.19)
      actionpack (= 3.2.19)
      activesupport (= 3.2.19)
      rack-ssl (~> 1.3.2)
      rake (>= 0.8.7)
      rdoc (~> 3.4)
      thor (>= 0.14.6, < 2.0)
    rake (10.4.2)
    rdoc (3.12.2)
      json (~> 1.4)
    rest-client (1.6.7)
      mime-types (>= 1.16)
    rgviz (0.42)
    rgviz-rails (0.48)
      rgviz
    rubinius-actor (0.0.2)
      rubinius-core-api
    rubinius-core-api (0.0.1)
    ruby-cache (0.3.0)
    ruby-openid (2.2.2)
    sass (3.2.5)
    sass-rails (3.2.6)
      railties (~> 3.2.0)
      sass (>= 3.1.10)
      tilt (~> 1.3)
    simple_oauth (0.2.0)
    slim (1.3.6)
      temple (~> 0.5.5)
      tilt (~> 1.3.3)
    slop (3.4.7)
    smart_asset (0.5.4)
    sprockets (2.2.3)
      hike (~> 1.2)
      multi_json (~> 1.0)
      rack (~> 1.0)
      tilt (~> 1.1, != 1.3.0)
    temple (0.5.5)
    test-unit (3.1.9)
      power_assert
    test_after_commit (0.4.0)
      activerecord (>= 3.2)
    thor (0.19.1)
    thoughtbot-shoulda (2.11.1)
    tilt (1.3.7)
    timecop (0.8.0)
    treetop (1.4.15)
      polyglot
      polyglot (>= 0.3.1)
    twilio-ruby (3.3.1)
      builder (>= 2.1.2)
      jwt (>= 0.1.2)
      multi_json (>= 1.0.3)
    twitter (4.5.0)
      faraday (~> 0.8, < 0.10)
      multi_json (~> 1.0)
      simple_oauth (~> 0.2)
    twitter_oauth (0.4.4)
      json (>= 1.1.9)
      mime-types (>= 1.16)
      oauth (>= 0.4.1)
    tzinfo (0.3.46)
    uglifier (1.3.0)
      execjs (>= 0.3.0)
      multi_json (~> 1.0, >= 1.0.2)
    warden (1.2.1)
      rack (>= 1.0)
    will_paginate (3.0.0)
    xmpp4r (0.5)

PLATFORMS
  ruby

DEPENDENCIES
  alto_guisso!
  alto_guisso_rails!
  blather
  bunny (>= 1.6.2)
  capistrano (~> 2.15)
  ci_reporter
  coffee-rails (~> 3.2.0)
  daemon_controller
  daemons
  decent_exposure
  devise
  dynamic_form
  em-msn (>= 0.7)
  eventmachine
  ffaker
  foreman
  guid
  instedd-pigeon!
  instedd_telemetry!
  jquery-rails (>= 1.0.12)
  jquery-ui-rails
  json
  knockoutjs-rails
  licit
  lodash-rails
  machinist
  mail
  memcache-client
  mocha
  multi_json (~> 1.3)
  mysql2 (~> 0.3.17)
  newrelic_rpm
  nokogiri (>= 1.5.5)
  omniauth
  omniauth-google-oauth2
  omniauth-openid
  poirot_rails!
  pry
  pry-debugger
  puma
  qst_client
  rails (= 3.2.19)
  rails-dev-tweaks
  rake
  rest-client
  rgviz
  rgviz-rails
  ruby-cache
  ruby-smpp!
  sass-rails (~> 3.2.0)
  slim
  smart_asset
  test-unit (~> 3.1.8)
  test_after_commit
  thoughtbot-shoulda
  timecop
  twilio-ruby
  twitter
  twitter_oauth
  uglifier
  will_paginate (~> 3.0)
  xmpp4r

BUNDLED WITH
   1.12.5
